PATH
  remote: .
  specs:
    chargify2 (0.2.pre.internal.pre.2)
      hashery (~> 2.1.0)
      hashie
      httparty
      rack
      sanitize (= 6.0.1)

GEM
  remote: http://rubygems.org/
  specs:
    addressable (2.8.4)
      public_suffix (>= 2.0.2, < 6.0)
    capybara (3.39.2)
      addressable
      matrix
      mini_mime (>= 0.1.3)
      nokogiri (~> 1.8)
      rack (>= 1.6.0)
      rack-test (>= 0.6.3)
      regexp_parser (>= 1.5, < 3.0)
      xpath (~> 3.2)
    coderay (1.1.3)
    crack (0.4.5)
      rexml
    crass (1.0.6)
    diff-lcs (1.1.3)
    hashdiff (1.0.1)
    hashery (2.1.2)
    hashie (5.0.0)
    httparty (0.21.0)
      mini_mime (>= 1.0.0)
      multi_xml (>= 0.5.2)
    matrix (0.4.2)
    method_source (1.0.0)
    mini_mime (1.1.2)
    multi_xml (0.6.0)
    nokogiri (1.15.2-arm64-darwin)
      racc (~> 1.4)
    pry (0.14.2)
      coderay (~> 1.1)
      method_source (~> 1.0)
    public_suffix (5.0.1)
    racc (1.7.1)
    rack (3.0.8)
    rack-test (2.1.0)
      rack (>= 1.3)
    rake (0.9.2.2)
    regexp_parser (2.8.1)
    rexml (3.2.5)
    rspec (2.11.0)
      rspec-core (~> 2.11.0)
      rspec-expectations (~> 2.11.0)
      rspec-mocks (~> 2.11.0)
    rspec-core (2.11.1)
    rspec-expectations (2.11.3)
      diff-lcs (~> 1.1.3)
    rspec-mocks (2.11.3)
    sanitize (6.0.1)
      crass (~> 1.0.2)
      nokogiri (>= 1.12.0)
    vcr (6.2.0)
    webmock (3.18.1)
      addressable (>= 2.8.0)
      crack (>= 0.3.2)
      hashdiff (>= 0.4.0, < 2.0.0)
    xpath (3.2.0)
      nokogiri (~> 1.8)
    yard (0.8.7.6)

PLATFORMS
  arm64-darwin-21

DEPENDENCIES
  capybara
  chargify2!
  pry
  rake (~> 0.9.2.2)
  rspec (~> 2.11.0)
  vcr
  webmock
  yard (~> 0.8.0)

BUNDLED WITH
   2.3.24
